GEM
  remote: https://rubygems.org/
  specs:
    ansi (1.5.0)
    coderay (1.1.0)
    method_source (0.8.2)
    minitest (5.8.4)
    minitest-doc_reporter (0.6.0)
      ansi
      minitest (~> 5.0)
    pry (0.10.3)
      coderay (~> 1.1.0)
      method_source (~> 0.8.1)
      slop (~> 3.4)
    rake (10.5.0)
    slop (3.6.0)
    temple (0.7.6)

PLATFORMS
  ruby

DEPENDENCIES
  minitest
  minitest-doc_reporter
  pry
  rake
  temple

BUNDLED WITH
   1.11.2
